PATH
  remote: .
  specs:
    infostrada (0.1.12)
      activemodel (~> 4.1, >= 4.1.0)
      colored (~> 1.2)
      eventmachine (~> 1.0, >= 1.0.3)
      httparty (~> 0.13, >= 0.13.0)
      tzinfo (~> 1.1, >= 1.1.0)

GEM
  remote: https://rubygems.org/
  specs:
    activemodel (4.1.1)
      activesupport (= 4.1.1)
      builder (~> 3.1)
    activesupport (4.1.1)
      i18n (~> 0.6, >= 0.6.9)
      json (~> 1.7, >= 1.7.7)
      minitest (~> 5.1)
      thread_safe (~> 0.1)
      tzinfo (~> 1.1)
    ast (2.0.0)
    builder (3.2.2)
    coderay (1.1.0)
    colored (1.2)
    eventmachine (1.0.3)
    httparty (0.13.1)
      json (~> 1.8)
      multi_xml (>= 0.5.2)
    i18n (0.6.9)
    json (1.8.1)
    method_source (0.8.2)
    minitest (5.3.3)
    multi_xml (0.5.5)
    parser (2.1.9)
      ast (>= 1.1, < 3.0)
      slop (~> 3.4, >= 3.4.5)
    powerpack (0.0.9)
    pry (0.9.12.6)
      coderay (~> 1.0)
      method_source (~> 0.8)
      slop (~> 3.4)
    rainbow (2.0.0)
    rake (10.3.1)
    reek (1.3.7)
      rainbow
      ruby2ruby (~> 2.0.8)
      ruby_parser (~> 3.3)
      sexp_processor
    rubocop (0.21.0)
      json (>= 1.7.7, < 2)
      parser (~> 2.1.9)
      powerpack (~> 0.0.6)
      rainbow (>= 1.99.1, < 3.0)
      ruby-progressbar (~> 1.4)
    ruby-progressbar (1.4.2)
    ruby2ruby (2.0.8)
      ruby_parser (~> 3.1)
      sexp_processor (~> 4.0)
    ruby_parser (3.6.0)
      sexp_processor (~> 4.1)
    sexp_processor (4.4.3)
    slop (3.5.0)
    thread_safe (0.3.3)
    tzinfo (1.1.0)
      thread_safe (~> 0.1)

PLATFORMS
  ruby

DEPENDENCIES
  bundler (~> 1.5)
  infostrada!
  pry (~> 0.9, >= 0.9.12)
  rake (~> 10.2, >= 10.2.2)
  reek (~> 1.3, >= 1.3.7)
  rubocop (~> 0.20, >= 0.20.1)
