PATH
  remote: .
  specs:
    infostrada (0.1.1)
      colored (~> 1.2)
      eventmachine (~> 1.0, >= 1.0.3)
      httparty (~> 0.13, >= 0.13.0)
      tzinfo (~> 0.3, >= 0.3.37)

GEM
  remote: https://rubygems.org/
  specs:
    ast (1.1.0)
    coderay (1.1.0)
    colored (1.2)
    eventmachine (1.0.3)
    httparty (0.13.0)
      json (~> 1.8)
      multi_xml (>= 0.5.2)
    json (1.8.1)
    method_source (0.8.2)
    multi_xml (0.5.5)
    parser (2.1.7)
      ast (~> 1.1)
      slop (~> 3.4, >= 3.4.5)
    powerpack (0.0.9)
    pry (0.9.12.6)
      coderay (~> 1.0)
      method_source (~> 0.8)
      slop (~> 3.4)
    rainbow (2.0.0)
    rake (10.2.2)
    reek (1.3.7)
      rainbow
      ruby2ruby (~> 2.0.8)
      ruby_parser (~> 3.3)
      sexp_processor
    rubocop (0.20.1)
      json (>= 1.7.7, < 2)
      parser (~> 2.1.7)
      powerpack (~> 0.0.6)
      rainbow (>= 1.99.1, < 3.0)
      ruby-progressbar (~> 1.4)
    ruby-progressbar (1.4.2)
    ruby2ruby (2.0.8)
      ruby_parser (~> 3.1)
      sexp_processor (~> 4.0)
    ruby_parser (3.5.0)
      sexp_processor (~> 4.1)
    sexp_processor (4.4.3)
    slop (3.5.0)
    tzinfo (0.3.39)

PLATFORMS
  ruby

DEPENDENCIES
  bundler (~> 1.5)
  infostrada!
  pry (~> 0.9, >= 0.9.12)
  rake (~> 10.2, >= 10.2.2)
  reek (~> 1.3, >= 1.3.7)
  rubocop (~> 0.20, >= 0.20.1)
